GEM
  remote: https://rubygems.org/
  specs:
    async_sinatra (1.0.0)
      rack (>= 1.4.1)
      sinatra (>= 1.3.2)
    bson (1.8.3)
    bson_ext (1.8.3)
      bson (~> 1.8.3)
    daemons (1.1.9)
    eventmachine (1.0.1)
    json (1.7.7)
    rack (1.5.2)
    rack-protection (1.4.0)
      rack
    rake (10.0.3)
    sinatra (1.3.5)
      rack (~> 1.4)
      rack-protection (~> 1.3)
      tilt (~> 1.3, >= 1.3.3)
    thin (1.5.0)
      daemons (>= 1.0.9)
      eventmachine (>= 0.12.6)
      rack (>= 1.0.0)
    tilt (1.3.4)

PLATFORMS
  ruby

DEPENDENCIES
  async_sinatra
  bson
  bson_ext
  bundler
  eventmachine
  json
  rake
  thin
