GEM
  remote: https://rubygems.org/
  specs:
    activemodel (3.2.13)
      activesupport (= 3.2.13)
      builder (~> 3.0.0)
    activesupport (3.2.13)
      i18n (= 0.6.1)
      multi_json (~> 1.0)
    bcrypt-ruby (3.0.1)
    bson (1.9.0)
    bson_ext (1.9.0)
      bson (~> 1.9.0)
    builder (3.0.4)
    daemons (1.1.9)
    eventmachine (1.0.3)
    factory_girl (4.2.0)
      activesupport (>= 3.0.0)
    geokit (1.6.5)
      multi_json
    haml (4.0.3)
      tilt
    httparty (0.11.0)
      multi_json (~> 1.0)
      multi_xml (>= 0.5.2)
    i18n (0.6.1)
    json (1.8.0)
    logger (1.2.8)
    mongo (1.9.0)
      bson (~> 1.9.0)
    mongodb (2.1.0)
      mongo (~> 1.5)
    mongoid (2.4.0)
      activemodel (~> 3.1)
      mongo (~> 1.3)
      tzinfo (~> 0.3.22)
    mongoid_spacial (0.2.17)
      activesupport (~> 3.0)
      mongoid (>= 2.1.0, < 3.0.0)
    multi_json (1.7.7)
    multi_xml (0.5.4)
    pushmeup (0.1.2)
      httparty
      json
    rack (1.5.2)
    rack-protection (1.5.0)
      rack
    rake (10.1.0)
    regex (1.1.1)
    sinatra (1.4.3)
      rack (~> 1.4)
      rack-protection (~> 1.4)
      tilt (~> 1.3, >= 1.3.4)
    sinatra-logger (0.1.1)
      sinatra (>= 1.0)
    thin (1.5.1)
      daemons (>= 1.0.9)
      eventmachine (>= 0.12.6)
      rack (>= 1.0.0)
    tilt (1.4.1)
    tzinfo (0.3.37)

PLATFORMS
  ruby

DEPENDENCIES
  bcrypt-ruby
  bson
  bson_ext
  bundler
  factory_girl (~> 4.0)
  geokit
  haml
  json
  logger
  mongodb
  mongoid (<= 2.4.0)
  mongoid_spacial
  pushmeup
  rack
  rake
  regex
  sinatra
  sinatra-logger
  thin
